GIT
  remote: git://github.com/clearwater-rb/clearwater.git
  revision: 022e829fded27882f5b3d1163060738f53b04859
  branch: server-render
  specs:
    clearwater (0.1.2)
      opal (~> 0.7)
      opal-browser

GEM
  remote: https://rubygems.org/
  specs:
    hike (1.2.3)
    opal (0.8.0)
      hike (~> 1.2)
      sourcemap (~> 0.1.0)
      sprockets (~> 3.1)
      tilt (>= 1.4)
    opal-browser (0.2.0)
      opal
      paggio
    paggio (0.2.4)
    rack (1.6.4)
    roda (2.5.1)
      rack
    slim (3.0.6)
      temple (~> 0.7.3)
      tilt (>= 1.3.3, < 2.1)
    sourcemap (0.1.1)
    sprockets (3.3.4)
      rack (~> 1.0)
    temple (0.7.6)
    tilt (2.0.1)

PLATFORMS
  ruby

DEPENDENCIES
  clearwater!
  roda
  slim

BUNDLED WITH
   1.10.6
